GEM
  remote: http://rubygems.org/
  specs:
    activemodel (3.2.8)
      activesupport (= 3.2.8)
      builder (~> 3.0.0)
    activesupport (3.2.8)
      i18n (~> 0.6)
      multi_json (~> 1.0)
    backports (2.6.4)
    builder (3.0.4)
    crack (0.1.8)
    curb (0.8.1)
    faraday (0.8.4)
      multipart-post (~> 1.1)
    feedzirra (0.2.0.rc2)
      curb (~> 0.8.0)
      gorillib (~> 0.1.9)
      loofah (~> 1.2.1)
      nokogiri (~> 1.5.3)
      sax-machine (~> 0.2.0.rc1)
    gorillib (0.1.11)
      json
    httparty (0.7.8)
      crack (= 0.1.8)
    i18n (0.6.1)
    json (1.7.5)
    kgio (2.7.4)
    loofah (1.2.1)
      nokogiri (>= 1.4.4)
    mail (2.4.4)
      i18n (>= 0.4.0)
      mime-types (~> 1.16)
      treetop (~> 1.4.8)
    mime-types (1.19)
    mongoid (3.0.11)
      activemodel (~> 3.1)
      moped (~> 1.1)
      origin (~> 1.0)
      tzinfo (~> 0.3.22)
    monkey-lib (0.5.4)
      backports
    moped (1.2.8)
    multi_json (1.3.7)
    multipart-post (1.1.5)
    nokogiri (1.5.5)
    oj (1.3.0)
    origin (1.0.10)
    polyglot (0.3.3)
    pony (1.0.1)
      mail (> 2.0)
    rack (1.4.1)
    rack-protection (1.2.0)
      rack
    raindrops (0.10.0)
    rake (0.9.2.2)
    rubberband (0.9.5)
      faraday (~> 0.8.0)
      multi_json
    ruby-hmac (0.4.0)
    sax-machine (0.2.0.rc1)
      nokogiri (~> 1.5.2)
    sinatra (1.3.3)
      rack (~> 1.3, >= 1.3.6)
      rack-protection (~> 1.2)
      tilt (~> 1.3, >= 1.3.3)
    sinatra-advanced-routes (0.5.1)
      monkey-lib (~> 0.5.0)
      sinatra (~> 1.0)
      sinatra-sugar (~> 0.5.0)
    sinatra-reloader (0.5.0)
      sinatra (~> 1.0)
      sinatra-advanced-routes (~> 0.5.0)
    sinatra-sugar (0.5.1)
      monkey-lib (~> 0.5.0)
      sinatra (~> 1.0)
    sunlight (1.1.0)
      json (>= 1.1.3)
      ym4r (>= 0.6.1)
    tilt (1.3.3)
    treetop (1.4.10)
      polyglot
      polyglot (>= 0.3.1)
    tzinfo (0.3.23)
    unicorn (4.3.1)
      kgio (~> 2.6)
      rack
      raindrops (~> 0.7)
    yajl-ruby (1.1.0)
    ym4r (0.6.1)

PLATFORMS
  ruby

DEPENDENCIES
  curb (= 0.8.1)
  feedzirra (= 0.2.0rc2)
  httparty (= 0.7.8)
  mongoid (= 3.0.11)
  nokogiri (= 1.5.5)
  oj (= 1.3.0)
  pony (= 1.0.1)
  rack (= 1.4.1)
  rake (= 0.9.2.2)
  rubberband (= 0.9.5)
  ruby-hmac (= 0.4.0)
  sinatra (= 1.3.3)
  sinatra-reloader (= 0.5.0)
  sunlight
  tzinfo (= 0.3.23)
  unicorn
  yajl-ruby (= 1.1.0)
